ObjectType = Image
NDims = 3
BinaryData = Ture
BinaryDataByteOrderMSB = False
CompressedData = False
TransformMatrix = 1 0 0 0 1 0 0 0 1
Offset = 0 0 0
CenterOfRotation = 0 0 0
AnatomicalOrientation = RAI
ElementSpacing = 1.0 1.0 1.0
DimSize = 200 200 100
ElementType = MET_SHORT
ElementDataFile = CylindericalPhantom_voxel.raw
