ObjectType = Image
NDims = 3
BinaryData = Ture
BinaryDataByteOrderMSB = False
CompressedData = False
TransformMatrix = 1 0 0 0 1 0 0 0 1
Offset = 0 0 0
CenterOfRotation = 0 0 0
AnatomicalOrientation = RAI
ElementSpacing = 1.2 1.2 1.2
DimSize = 202 202 126
ElementType = MET_SHORT
ElementDataFile = Realskull-quater_0.raw
